GEM
  remote: https://rubygems.org/
  specs:
    aes256gcm_decrypt (1.0.0)
    amq-protocol (2.3.0)
    bunny (2.11.0)
      amq-protocol (~> 2.3.0)
    coderay (1.1.2)
    concurrent-ruby (1.0.5)
    dry-configurable (0.7.0)
      concurrent-ruby (~> 1.0)
    dry-container (0.6.0)
      concurrent-ruby (~> 1.0)
      dry-configurable (~> 0.1, >= 0.1.3)
    dry-core (0.4.7)
      concurrent-ruby (~> 1.0)
    dry-equalizer (0.2.1)
    dry-logic (0.4.2)
      dry-container (~> 0.2, >= 0.2.6)
      dry-core (~> 0.2)
      dry-equalizer (~> 0.2)
    dry-types (0.12.3)
      concurrent-ruby (~> 1.0)
      dry-configurable (~> 0.1)
      dry-container (~> 0.3)
      dry-core (~> 0.2, >= 0.2.1)
      dry-equalizer (~> 0.2)
      dry-logic (~> 0.4, >= 0.4.2)
      inflecto (~> 0.0.0, >= 0.0.2)
    dry-validation (0.11.1)
      concurrent-ruby (~> 1.0)
      dry-configurable (~> 0.1, >= 0.1.3)
      dry-core (~> 0.2, >= 0.2.1)
      dry-equalizer (~> 0.2)
      dry-logic (~> 0.4, >= 0.4.0)
      dry-types (~> 0.12.0)
    inflecto (0.0.2)
    method_source (0.9.0)
    pedicel (0.0.5)
      aes256gcm_decrypt (~> 1.0)
      dry-validation (~> 0.11.1)
    pry (0.11.3)
      coderay (~> 1.1.0)
      method_source (~> 0.9.0)
    puma (3.11.4)
    rack (2.0.5)
    roda (3.9.0)
      rack

PLATFORMS
  ruby

DEPENDENCIES
  bunny (>= 2.9.2)
  pedicel (= 0.0.5)
  pry
  puma
  roda

BUNDLED WITH
   1.16.1
